PATH
  remote: .
  specs:
    aws-s3 (0.6.3)
      builder
      mime-types
      xml-simple

GEM
  remote: http://rubygems.org/
  specs:
    builder (2.1.2)
    flexmock (0.8.11)
    mime-types (1.16)
    xml-simple (1.0.12)

PLATFORMS
  ruby

DEPENDENCIES
  aws-s3!
  builder
  flexmock
  mime-types
  xml-simple
